GIT
  remote: http://github.com/angelim/voteable_mongo.git
  revision: 440f0e6183e32f8e2a1aebe055c0af23c359d6ae
  specs:
    voteable_mongo (0.9.2)

GEM
  remote: http://rubygems.org/
  specs:
    abstract (1.0.0)
    actionmailer (3.0.9)
      actionpack (= 3.0.9)
      mail (~> 2.2.19)
    actionpack (3.0.9)
      activemodel (= 3.0.9)
      activesupport (= 3.0.9)
      builder (~> 2.1.2)
      erubis (~> 2.6.6)
      i18n (~> 0.5.0)
      rack (~> 1.2.1)
      rack-mount (~> 0.6.14)
      rack-test (~> 0.5.7)
      tzinfo (~> 0.3.23)
    activemodel (3.0.9)
      activesupport (= 3.0.9)
      builder (~> 2.1.2)
      i18n (~> 0.5.0)
    activerecord (3.0.9)
      activemodel (= 3.0.9)
      activesupport (= 3.0.9)
      arel (~> 2.0.10)
      tzinfo (~> 0.3.23)
    activeresource (3.0.9)
      activemodel (= 3.0.9)
      activesupport (= 3.0.9)
    activesupport (3.0.9)
    addressable (2.2.6)
    arel (2.0.10)
    bson (1.3.1)
    bson_ext (1.3.1)
    builder (2.1.2)
    daemons (1.1.4)
    dalli (1.0.5)
    delayed_job (2.1.4)
      activesupport (~> 3.0)
      daemons
    delayed_job_mongoid (1.0.1)
      delayed_job (~> 2.1.1)
      mongoid (~> 2.0)
    erubis (2.6.6)
      abstract (>= 1.0.0)
    escape (0.0.4)
    heroku (2.4.1)
      launchy (>= 0.3.2)
      rest-client (~> 1.6.1)
      term-ansicolor (~> 1.0.5)
    i18n (0.5.0)
    launchy (2.0.5)
      addressable (~> 2.2.6)
    mail (2.2.19)
      activesupport (>= 2.3.6)
      i18n (>= 0.4.0)
      mime-types (~> 1.16)
      treetop (~> 1.4.8)
    mime-types (1.16)
    mongo (1.3.1)
      bson (>= 1.3.1)
    mongoid (2.1.7)
      activemodel (~> 3.0)
      mongo (~> 1.3)
      tzinfo (~> 0.3.22)
    mongoid_spacial (0.2.10)
      activesupport
      mongoid
    nokogiri (1.5.0)
    polyglot (0.3.2)
    pr_geohash (1.0.0)
    rack (1.2.3)
    rack-mount (0.6.14)
      rack (>= 1.0.0)
    rack-test (0.5.7)
      rack (>= 1.0)
    rails (3.0.9)
      actionmailer (= 3.0.9)
      actionpack (= 3.0.9)
      activerecord (= 3.0.9)
      activeresource (= 3.0.9)
      activesupport (= 3.0.9)
      bundler (~> 1.0)
      railties (= 3.0.9)
    railties (3.0.9)
      actionpack (= 3.0.9)
      activesupport (= 3.0.9)
      rake (>= 0.8.7)
      rdoc (~> 3.4)
      thor (~> 0.14.4)
    rake (0.9.2)
    rdoc (3.9.1)
    rest-client (1.6.3)
      mime-types (>= 1.16)
    rsolr (0.12.1)
      builder (>= 2.1.2)
    sunspot (1.2.1)
      escape (= 0.0.4)
      pr_geohash (~> 1.0)
      rsolr (= 0.12.1)
    sunspot_mongoid (0.4.1)
      mongoid
      sunspot (>= 1.1.0)
      sunspot_rails (>= 1.1.0)
    sunspot_rails (1.2.1)
      nokogiri
      sunspot (= 1.2.1)
    term-ansicolor (1.0.6)
    thor (0.14.6)
    treetop (1.4.10)
      polyglot
      polyglot (>= 0.3.1)
    tzinfo (0.3.29)

PLATFORMS
  ruby

DEPENDENCIES
  bson (= 1.3.1)
  bson_ext (= 1.3.1)
  dalli
  delayed_job (= 2.1.4)
  delayed_job_mongoid (= 1.0.1)
  heroku
  mongo (= 1.3.1)
  mongoid (= 2.1.7)
  mongoid_spacial (= 0.2.10)
  nokogiri
  rails (= 3.0.9)
  sunspot_mongoid
  sunspot_rails
  voteable_mongo!
